GEM
  remote: https://rubygems.org/
  specs:
    marky_markov (0.3.4)
      ox (~> 1.4)
    ox (1.9.4)
    rack (1.5.2)
    rack-protection (1.5.2)
      rack
    sinatra (1.4.4)
      rack (~> 1.4)
      rack-protection (~> 1.4)
      tilt (~> 1.3, >= 1.3.4)
    tilt (1.4.1)

PLATFORMS
  ruby

DEPENDENCIES
  marky_markov
  sinatra
